GEM
  remote: https://rubygems.org/
  specs:
    configurability (2.0.2)
      loggability (~> 0.4)
    diff-lcs (1.2.4)
    highline (1.6.19)
    hoe (3.7.1)
      rake (>= 0.8, < 11.0)
    hoe-bundler (1.2.0)
      hoe (>= 2.2.0)
    hoe-deveiate (0.3.0)
      hoe (~> 3.6)
      hoe-highline (~> 0.0)
      hoe-mercurial (~> 1.4)
      mail (~> 2.5)
      rdoc (~> 4.0)
      rspec (~> 2.14)
    hoe-highline (0.1.0)
      highline (~> 1.6)
      hoe (~> 3.0)
    hoe-mercurial (1.4.0)
      hoe (~> 3.0)
    json (1.8.0)
    loggability (0.6.1)
    mail (2.5.4)
      mime-types (~> 1.16)
      treetop (~> 1.4.8)
    mime-types (1.24)
    multi_json (1.7.9)
    polyglot (0.3.3)
    rake (10.1.0)
    rdoc (4.0.1)
      json (~> 1.4)
    rspec (2.14.1)
      rspec-core (~> 2.14.0)
      rspec-expectations (~> 2.14.0)
      rspec-mocks (~> 2.14.0)
    rspec-core (2.14.5)
    rspec-expectations (2.14.2)
      diff-lcs (>= 1.1.3, < 2.0)
    rspec-mocks (2.14.3)
    simplecov (0.7.1)
      multi_json (~> 1.0)
      simplecov-html (~> 0.7.1)
    simplecov-html (0.7.1)
    treetop (1.4.15)
      polyglot
      polyglot (>= 0.3.1)

PLATFORMS
  ruby

DEPENDENCIES
  configurability (~> 2.0)
  hoe (~> 3.7)
  hoe-bundler (~> 1.2)
  hoe-deveiate (~> 0.3)
  hoe-highline (~> 0.1.0)
  hoe-mercurial (~> 1.4.0)
  rdoc (~> 4.0)
  simplecov (~> 0.7)
